GIT
  remote: git://github.com/LeFnord/rb-gsl.git
  revision: bf886b8535623cda83387a95cd033634ad8ae03d
  specs:
    gsl (1.14.7)
      narray (>= 0.5.9)

GEM
  remote: http://rubygems.org/
  specs:
    builder (3.0.0)
    cucumber (1.1.9)
      builder (>= 2.1.2)
      diff-lcs (>= 1.1.2)
      gherkin (~> 2.9.0)
      json (>= 1.4.6)
      term-ansicolor (>= 1.0.6)
    diff-lcs (1.1.3)
    fast-stemmer (1.0.1)
    gherkin (2.9.1)
      json (>= 1.4.6)
    httparty (0.8.1)
      multi_json
      multi_xml
    json (1.6.6)
    limited_red (0.4.3)
      cucumber (>= 1.1.4)
      httparty (= 0.8.1)
    multi_json (1.2.0)
    multi_xml (0.4.2)
    narray (0.6.0.4)
    rake (0.9.2.2)
    rspec (2.9.0)
      rspec-core (~> 2.9.0)
      rspec-expectations (~> 2.9.0)
      rspec-mocks (~> 2.9.0)
    rspec-core (2.9.0)
    rspec-expectations (2.9.0)
      diff-lcs (~> 1.1.3)
    rspec-mocks (2.9.0)
    term-ansicolor (1.0.7)

PLATFORMS
  ruby

DEPENDENCIES
  fast-stemmer
  gsl!
  limited_red
  rake
  rspec
