GIT
  remote: git://github.com/LeFnord/rb-gsl.git
  revision: 49a8752f6401683032907c87d930fa311a416bf4
  specs:
    gsl (1.15.0)
      gnuplot
      narray (>= 0.5.9)

GEM
  remote: http://rubygems.org/
  specs:
    builder (3.1.4)
    cucumber (1.2.1)
      builder (>= 2.1.2)
      diff-lcs (>= 1.1.3)
      gherkin (~> 2.11.0)
      json (>= 1.4.6)
    diff-lcs (1.2.0)
    fast-stemmer (1.0.1)
    gherkin (2.11.5)
      json (>= 1.4.6)
    gnuplot (2.6.2)
    httparty (0.8.1)
      multi_json
      multi_xml
    json (1.7.6)
    limited_red (0.4.8)
      cucumber (>= 1.1.4)
      httparty (= 0.8.1)
    multi_json (1.5.0)
    multi_xml (0.5.2)
    narray (0.6.0.4)
    rake (10.0.3)
    rspec (2.0.1)
      rspec-core (~> 2.0.1)
      rspec-expectations (~> 2.0.1)
      rspec-mocks (~> 2.0.1)
    rspec-core (2.0.1)
    rspec-expectations (2.0.1)
      diff-lcs (>= 1.1.2)
    rspec-mocks (2.0.1)
      rspec-core (~> 2.0.1)
      rspec-expectations (~> 2.0.1)

PLATFORMS
  ruby

DEPENDENCIES
  fast-stemmer
  gsl!
  limited_red
  rake
  rspec
